{
  "AcquisitionMatrixPE": 64,
  "AcquisitionNumber": 1,
  "AcquisitionTime": "21:24:38.000000",
  "CoilString": "8HRBRAIN",
  "ConversionSoftware": "dcm2niix",
  "ConversionSoftwareVersion": "v1.0.20190902",
  "DeviceSerialNumber": "0000000000IL1028",
  "EchoTime": 0.03,
  "EffectiveEchoSpacing": 0.000672,
  "FlipAngle": 77,
  "ImageOrientationPatientDICOM": [0.995886, 0.0393996, 0.081607, -0.0401933, 0.999158, 0.00827061],
  "ImageType": [
    "ORIGINAL",
    "PRIMARY",
    "EPI",
    "NONE"
],
  "ImagingFrequency": 127.72,
  "InPlanePhaseEncodingDirectionDICOM": "COL",
  "InstitutionName": "TEL_AVIV_MEDICAL_CENTER",
  "MRAcquisitionType": "2D",
  "MagneticFieldStrength": 3,
  "Manufacturer": "GE",
  "ManufacturersModelName": "Signa_HDxt",
  "Modality": "MR",
  "PatientPosition": "HFS",
  "PercentPhaseFOV": 100,
  "PhaseEncodingDirection": "j",
  "PhaseEncodingPolarityGE": "Flipped",
  "PixelBandwidth": 7812.5,
  "ProtocolName": "AV_scenes_long",
  "ReconMatrixPE": 64,
  "RepetitionTime": 2,
  "SAR": 0.270005,
  "ScanOptions": "EPI_GEMS_ACC_GEMS",
  "ScanningSequence": "EP_GR",
  "SequenceVariant": "SS",
  "SeriesDescription": "AV_scenes_long",
  "SeriesNumber": 12,
  "SliceThickness": 2.5,
  "SliceTiming": [0.971429, 1.94286, 0.914286, 1.88571, 0.857143, 1.82857, 0.8, 1.77143, 0.742857, 1.71429, 0.685714, 1.65714, 0.628571, 1.6, 0.571429, 1.54286, 0.514286, 1.48571, 0.457143, 1.42857, 0.4, 1.37143, 0.342857, 1.31429, 0.285714, 1.25714, 0.228571, 1.2, 0.171429, 1.14286, 0.114286, 1.08571, 0.0571429, 1.02857, 0],
  "SoftwareVersions": "24_LX_MR_Software_release:HD16.0_V02_1131.a",
  "SpacingBetweenSlices": 2.7,
  "StationName": "mr3-HDx",
"TaskName": "AVSceneslong",
  "TotalReadoutTime": 0.042336}