{
  "AcquisitionMatrixPE": 256,
  "AcquisitionNumber": 1,
  "AcquisitionTime": "19:50:2.000000",
  "CoilString": "8HRBRAIN",
  "ConversionSoftware": "dcm2niix",
  "ConversionSoftwareVersion": "v1.0.20190902",
  "DeviceSerialNumber": "0000000000IL1028",
  "EchoTime": 0.003492,
  "FlipAngle": 13,
  "ImageOrientationPatientDICOM": [0.999463, 0.0246593, 0.0215768, -0.0218512, 0.992303, -0.12189],
  "ImageType": [
    "ORIGINAL",
    "PRIMARY",
    "OTHER"
],
  "ImagingFrequency": 127.72,
  "InPlanePhaseEncodingDirectionDICOM": "ROW",
  "InstitutionName": "TEL_AVIV_MEDICAL_CENTER",
  "InversionTime": 0.45,
  "MRAcquisitionType": "3D",
  "MagneticFieldStrength": 3,
  "Manufacturer": "GE",
  "ManufacturersModelName": "Signa_HDxt",
  "Modality": "MR",
  "PatientPosition": "HFS",
  "PercentPhaseFOV": 100,
  "PixelBandwidth": 97.6562,
  "ProtocolName": "Ax_FSPGR_BRAVO",
  "ReconMatrixPE": 512,
  "RepetitionTime": 0.008928,
  "SAR": 0.223066,
  "ScanOptions": "FAST_GEMS_EDR_GEMS_FILTERED_GEMS_ACC_GEMS",
  "ScanningSequence": "GR",
  "SequenceVariant": "SS_SK",
  "SeriesDescription": "Ax_FSPGR_BRAVO",
  "SeriesNumber": 9,
  "SliceThickness": 1,
  "SoftwareVersions": "24_LX_MR_Software_release:HD16.0_V02_1131.a",
  "SpacingBetweenSlices": 1,
  "StationName": "mr3-HDx"
}