{
  "AcquisitionMatrixPE": 256,
  "AcquisitionNumber": 1,
  "AcquisitionTime": "17:57:49.000000",
  "CoilString": "8HRBRAIN",
  "ConversionSoftware": "dcm2niix",
  "ConversionSoftwareVersion": "v1.0.20190902",
  "DeviceSerialNumber": "0000000000IL1028",
  "EchoTime": 0.003488,
  "FlipAngle": 13,
  "ImageOrientationPatientDICOM": [0.999405, -0.00100712, 0.0344854, 0.00808734, 0.978538, -0.205907],
  "ImageType": [
    "ORIGINAL",
    "PRIMARY",
    "OTHER"
],
  "ImagingFrequency": 127.72,
  "InPlanePhaseEncodingDirectionDICOM": "ROW",
  "InstitutionName": "TEL_AVIV_MEDICAL_CENTER",
  "InversionTime": 0.45,
  "MRAcquisitionType": "3D",
  "MagneticFieldStrength": 3,
  "Manufacturer": "GE",
  "ManufacturersModelName": "Signa_HDxt",
  "Modality": "MR",
  "PatientPosition": "HFS",
  "PercentPhaseFOV": 100,
  "PixelBandwidth": 97.6562,
  "ProtocolName": "Ax_FSPGR_BRAVO",
  "ReconMatrixPE": 512,
  "RepetitionTime": 0.008976,
  "SAR": 0.20974,
  "ScanOptions": "FAST_GEMS_EDR_GEMS_FILTERED_GEMS_ACC_GEMS",
  "ScanningSequence": "GR",
  "SequenceVariant": "SS_SK",
  "SeriesDescription": "Ax_FSPGR_BRAVO",
  "SeriesNumber": 16,
  "SliceThickness": 1,
  "SoftwareVersions": "24_LX_MR_Software_release:HD16.0_V02_1131.a",
  "SpacingBetweenSlices": 1,
  "StationName": "mr3-HDx"
}